GEM
  remote: https://rubygems.org/
  specs:
    awesome_print (1.7.0)
    colored (1.2)
    diff-lcs (1.2.5)
    foreman (0.82.0)
      thor (~> 0.19.1)
    git-up (0.5.12)
      colored (>= 1.2)
      grit
    grit (2.5.0)
      diff-lcs (~> 1.1)
      mime-types (~> 1.15)
      posix-spawn (~> 0.3.6)
    mime-types (1.25.1)
    posix-spawn (0.3.12)
    teamocil (1.4.2)
    thor (0.19.4)

PLATFORMS
  ruby

DEPENDENCIES
  awesome_print
  foreman
  git-up
  teamocil

BUNDLED WITH
   2.3.4
